GEM
  remote: https://rubygems.org/
  specs:
    awesome_print_motion (0.1.0)
    bubble-wrap (1.1.5)
    rake (10.0.3)
    sugarcube (0.19.5)
    sweettea (0.5.6)
      rake
      sugarcube
      teacup
    teacup (1.2.8)
      rake

PLATFORMS
  ruby

DEPENDENCIES
  awesome_print_motion
  bubble-wrap
  sugarcube
  sweettea
  teacup
