GEM
  remote: https://rubygems.org/
  specs:
    awesome_print_motion (0.1.0)
    bubble-wrap (1.2.0)
    geomotion (0.12.1)
    motion-awesome (0.0.4)
      motion-map
    motion-map (0.0.4)
    motion-xray (1.0.4)
      geomotion (>= 0.10.0)
      sugarcube (>= 0.20.1)
    rake (10.0.4)
    sugarcube (0.20.20)
    sweettea (0.5.6)
      rake
      sugarcube
      teacup
    teacup (1.3.3)

PLATFORMS
  ruby

DEPENDENCIES
  awesome_print_motion
  bubble-wrap
  geomotion
  motion-awesome
  motion-map
  motion-xray
  sugarcube
  sweettea
  teacup
