GEM
  remote: https://rubygems.org/
  specs:
    rake (10.0.3)
    sugarcube (0.18.12)
    teacup (1.2.7)
      rake

PLATFORMS
  ruby

DEPENDENCIES
  sugarcube
  teacup
