GIT
  remote: git://github.com/colinta/sugarcube.git
  revision: 3aa144bc55d4c7e50b5a557bc4de85e8d2aea28c
  branch: 1.0
  specs:
    sugarcube (1.0.0rc1)

GEM
  remote: https://rubygems.org/
  specs:
    awesome_print_motion (0.1.0)
    bubble-wrap (1.3.0)
    geomotion (0.12.1)
    motion-awesome (0.0.5)
      motion-map
    motion-map (0.0.4)
    motion-rubberstamp (0.0.6)
    rake (10.0.4)
    sweettea (0.5.6)
      rake
      sugarcube
      teacup
    teacup (2.0.4)

PLATFORMS
  ruby

DEPENDENCIES
  awesome_print_motion
  bubble-wrap
  geomotion
  motion-awesome
  motion-map
  motion-rubberstamp
  sugarcube!
  sweettea
  teacup
